GEM
  remote: https://rubygems.org/
  specs:
    ansi (1.5.0)
    backports (3.8.0)
    builder (3.2.3)
    coderay (1.1.1)
    method_source (0.8.2)
    mime-types (2.99.3)
    minitest (5.10.3)
    minitest-reporters (1.1.14)
      ansi
      builder
      minitest (>= 5.0)
      ruby-progressbar
    minitest-sequel (0.3.2)
      minitest (>= 5.7.0)
      sequel (>= 4.35.0)
      sequel-paranoid (>= 0.6.2)
    minitest-spec (0.0.2.1)
      minitest (>= 3.0)
    multi_json (1.12.1)
    pry (0.10.4)
      coderay (~> 1.1.0)
      method_source (~> 0.8.1)
      slop (~> 3.4)
    puma (3.9.1)
    rack (1.6.8)
    rack-protection (1.5.3)
      rack
    rack-test (0.7.0)
      rack (>= 1.0, < 3)
    rake (12.0.0)
    ruby-progressbar (1.8.1)
    sequel (4.48.0)
    sequel-paranoid (0.7.0)
      sequel
    sinatra (1.4.8)
      rack (~> 1.5)
      rack-protection (~> 1.4)
      tilt (>= 1.3, < 3)
    sinatra-contrib (1.4.7)
      backports (>= 2.0)
      multi_json
      rack-protection
      rack-test
      sinatra (~> 1.4.0)
      tilt (>= 1.3, < 3)
    slop (3.6.0)
    tilt (2.0.8)

PLATFORMS
  ruby

DEPENDENCIES
  mime-types (~> 2.99.2)
  minitest
  minitest-reporters
  minitest-sequel
  minitest-spec
  pry
  puma
  rake
  sequel
  sinatra (~> 1.4.7)
  sinatra-contrib

BUNDLED WITH
   1.13.7
